GEM
  remote: http://rubygems.org/
  specs:
    rufus-scheduler (3.0.8)
      tzinfo
    thread_safe (0.3.4)
    tzinfo (1.2.1)
      thread_safe (~> 0.1)

PLATFORMS
  ruby

DEPENDENCIES
  rufus-scheduler
