GEM
  remote: http://rubygems.org/
  specs:
    amazon-ecs (2.2.5)
      nokogiri (~> 1.4)
      ruby-hmac (~> 0.3)
    json (1.8.1)
    mini_portile (0.6.0)
    netrc (0.7.7)
    nokogiri (1.6.2.1)
      mini_portile (= 0.6.0)
    rest_client (1.7.3)
      netrc (~> 0.7.7)
    ruby-hmac (0.4.0)
    rufus-scheduler (3.0.8)
      tzinfo
    thread_safe (0.3.4)
    tzinfo (1.2.1)
      thread_safe (~> 0.1)

PLATFORMS
  ruby

DEPENDENCIES
  amazon-ecs
  json
  rest_client
  rufus-scheduler
